GEM
  remote: https://rubygems.org/
  specs:
    embulk (0.9.16-java)
      bundler (>= 1.10.6)
      liquid (~> 4.0.0)
      msgpack (~> 1.1.0)
    embulk-filter-hash (0.5.0)
    liquid (4.0.0)
    msgpack (1.1.0-java)

PLATFORMS
  java

DEPENDENCIES
  embulk
  embulk-filter-hash (= 0.5.0)

BUNDLED WITH
   1.16.0
